GIT
  remote: https://github.com/faker-ruby/faker.git
  revision: 8bbdedf0cdd780c89b9c66a019b2475eb25562d4
  branch: main
  specs:
    faker (3.1.1)
      i18n (>= 1.8.11, < 2)

GEM
  remote: https://rubygems.org/
  specs:
    concurrent-ruby (1.2.2)
    i18n (1.12.0)
      concurrent-ruby (~> 1.0)

PLATFORMS
  x64-mingw32

DEPENDENCIES
  faker!
GEM
  remote: https://rubygems.org/
  specs:

PLATFORMS
  arm64-darwin-22

DEPENDENCIES

BUNDLED WITH
   2.4.12
